GIT
  remote: git://github.com/ballantyne/emailyak.git
  revision: 6cff6e80941c3d3bad568c47baa6c27815cd8a5c
  specs:
    emailyak (0.0.2)
      rest-client
      yajl-ruby (>= 0.8.3)

GIT
  remote: git://github.com/josevalim/active_model_serializers.git
  revision: dd5cdb6ddb6aa9c7ca38ec0dac2e38f1ea1d1b50
  specs:
    active_model_serializers (0.5.0)
      activemodel (~> 3.0)

GEM
  remote: https://rubygems.org/
  specs:
    actionmailer (3.2.6)
      actionpack (= 3.2.6)
      mail (~> 2.4.4)
    actionpack (3.2.6)
      activemodel (= 3.2.6)
      activesupport (= 3.2.6)
      builder (~> 3.0.0)
      erubis (~> 2.7.0)
      journey (~> 1.0.1)
      rack (~> 1.4.0)
      rack-cache (~> 1.2)
      rack-test (~> 0.6.1)
      sprockets (~> 2.1.3)
    activemodel (3.2.6)
      activesupport (= 3.2.6)
      builder (~> 3.0.0)
    activerecord (3.2.6)
      activemodel (= 3.2.6)
      activesupport (= 3.2.6)
      arel (~> 3.0.2)
      tzinfo (~> 0.3.29)
    activeresource (3.2.6)
      activemodel (= 3.2.6)
      activesupport (= 3.2.6)
    activesupport (3.2.6)
      i18n (~> 0.6)
      multi_json (~> 1.0)
    acts-as-taggable-on (2.3.3)
      rails (~> 3.0)
    addressable (2.2.8)
    arel (3.0.2)
    awesome_nested_set (2.1.3)
      activerecord (>= 3.0.0)
    awesome_print (1.0.2)
    bcrypt-ruby (3.0.1)
    bootstrap-sass (2.0.4.0)
    builder (3.0.0)
    cancan (1.6.8)
    capybara (1.1.2)
      mime-types (>= 1.16)
      nokogiri (>= 1.3.3)
      rack (>= 1.0.0)
      rack-test (>= 0.5.4)
      selenium-webdriver (~> 2.0)
      xpath (~> 0.1.4)
    capybara-webkit (0.12.1)
      capybara (>= 1.0.0, < 1.2)
      json
    celluloid (0.10.0)
    childprocess (0.3.5)
      ffi (~> 1.0, >= 1.0.6)
    coderay (1.0.7)
    coffee-rails (3.2.2)
      coffee-script (>= 2.2.0)
      railties (~> 3.2.0)
    coffee-script (2.2.0)
      coffee-script-source
      execjs
    coffee-script-source (1.3.3)
    colorize (0.5.8)
    connection_pool (0.9.1)
    css_parser (1.2.6)
      addressable
      rdoc
    database_cleaner (0.8.0)
    devise (2.0.4)
      bcrypt-ruby (~> 3.0)
      orm_adapter (~> 0.0.3)
      railties (~> 3.1)
      warden (~> 1.1.1)
    diff-lcs (1.1.3)
    erubis (2.7.0)
    execjs (1.4.0)
      multi_json (~> 1.0)
    factory_girl (3.5.0)
      activesupport (>= 3.0.0)
    factory_girl_rails (3.5.0)
      factory_girl (~> 3.5.0)
      railties (>= 3.0.0)
    ffi (1.1.5)
    foreman (0.53.0)
      thor (>= 0.13.6)
    gherkin-ruby (0.2.1)
    haml (3.1.6)
    hike (1.2.1)
    htmlentities (4.3.1)
    i18n (0.6.0)
    journey (1.0.4)
    jquery-rails (2.0.2)
      railties (>= 3.2.0, < 5.0)
      thor (~> 0.14)
    jquery_mobile_rails (1.1.1.1)
      rails (>= 3.1.0)
    json (1.7.4)
    kgio (2.7.4)
    libwebsocket (0.1.5)
      addressable
    mail (2.4.4)
      i18n (>= 0.4.0)
      mime-types (~> 1.16)
      treetop (~> 1.4.8)
    method_source (0.7.1)
    mime-types (1.19)
    mobylette (3.1)
      actionpack (>= 3.0)
    multi_json (1.3.6)
    nokogiri (1.5.5)
    orm_adapter (0.0.7)
    paper_trail (2.6.3)
      activerecord (~> 3.0)
      railties (~> 3.0)
    pg (0.14.0)
    polyglot (0.3.3)
    premailer (1.7.3)
      css_parser (>= 1.1.9)
      htmlentities (>= 4.0.0)
    pry (0.9.9.6)
      coderay (~> 1.0.5)
      method_source (~> 0.7.1)
      slop (>= 2.4.4, < 3)
    pry-rails (0.1.6)
      pry
    quiet_assets (1.0.1)
      railties (~> 3.1)
    rack (1.4.1)
    rack-cache (1.2)
      rack (>= 0.4)
    rack-ssl (1.3.2)
      rack
    rack-test (0.6.1)
      rack (>= 1.0)
    rails (3.2.6)
      actionmailer (= 3.2.6)
      actionpack (= 3.2.6)
      activerecord (= 3.2.6)
      activeresource (= 3.2.6)
      activesupport (= 3.2.6)
      bundler (~> 1.0)
      railties (= 3.2.6)
    railties (3.2.6)
      actionpack (= 3.2.6)
      activesupport (= 3.2.6)
      rack-ssl (~> 1.3.2)
      rake (>= 0.8.7)
      rdoc (~> 3.4)
      thor (>= 0.14.6, < 2.0)
    raindrops (0.10.0)
    rake (0.9.2.2)
    rdoc (3.12)
      json (~> 1.4)
    redis (2.2.2)
    redis-namespace (1.1.0)
      redis (< 3.0.0)
    rest-client (1.6.7)
      mime-types (>= 1.16)
    rolify (3.1.0)
    rspec (2.11.0)
      rspec-core (~> 2.11.0)
      rspec-expectations (~> 2.11.0)
      rspec-mocks (~> 2.11.0)
    rspec-core (2.11.1)
    rspec-expectations (2.11.2)
      diff-lcs (~> 1.1.3)
    rspec-mocks (2.11.1)
    rspec-rails (2.11.0)
      actionpack (>= 3.0)
      activesupport (>= 3.0)
      railties (>= 3.0)
      rspec (~> 2.11.0)
    rubyzip (0.9.9)
    sass (3.1.20)
    sass-rails (3.2.5)
      railties (~> 3.2.0)
      sass (>= 3.1.10)
      tilt (~> 1.3)
    selenium-webdriver (2.25.0)
      childprocess (>= 0.2.5)
      libwebsocket (~> 0.1.3)
      multi_json (~> 1.0)
      rubyzip
    sidekiq (1.1.4)
      celluloid (~> 0.10.0)
      connection_pool (~> 0.9.0)
      multi_json (~> 1.0)
      redis
      redis-namespace
    slop (2.4.4)
    spinach (0.5.2)
      colorize
      gherkin-ruby (~> 0.2.0)
    spinach-rails (0.1.7)
      capybara (>= 1.0)
      railties (>= 3)
      spinach (>= 0.4)
    sprockets (2.1.3)
      hike (~> 1.2)
      rack (~> 1.0)
      tilt (~> 1.1, != 1.3.0)
    state_machine (1.1.2)
    texticle (2.0.3)
      activerecord (~> 3.0)
    the_sortable_tree (1.9.4)
      rails (>= 3.1)
    thor (0.15.4)
    tilt (1.3.3)
    treetop (1.4.10)
      polyglot
      polyglot (>= 0.3.1)
    tzinfo (0.3.33)
    uglifier (1.2.6)
      execjs (>= 0.3.0)
      multi_json (~> 1.3)
    unicorn (4.3.1)
      kgio (~> 2.6)
      rack
      raindrops (~> 0.7)
    warden (1.1.1)
      rack (>= 1.0)
    xpath (0.1.4)
      nokogiri (~> 1.3)
    yajl-ruby (1.1.0)

PLATFORMS
  ruby

DEPENDENCIES
  active_model_serializers!
  acts-as-taggable-on (~> 2.3.1)
  awesome_nested_set
  awesome_print
  bcrypt-ruby (~> 3.0.0)
  bootstrap-sass (~> 2.0.3)
  cancan
  capybara-webkit
  coffee-rails (~> 3.2.1)
  database_cleaner
  devise
  emailyak!
  factory_girl_rails
  foreman
  haml
  jquery-rails
  jquery_mobile_rails
  mobylette
  paper_trail
  pg
  premailer
  pry-rails
  quiet_assets
  rails (= 3.2.6)
  rolify
  rspec-rails
  sass-rails (~> 3.2.3)
  sidekiq
  spinach-rails
  state_machine
  texticle (~> 2.0)
  the_sortable_tree
  uglifier (>= 1.0.3)
  unicorn
